GEM
  remote: https://rubygems.org/
  specs:
    ffi (1.13.1)
    ffi-rzmq (2.0.7)
      ffi-rzmq-core (>= 1.0.7)
    ffi-rzmq-core (1.0.7)
      ffi

PLATFORMS
  ruby

DEPENDENCIES
  ffi-rzmq

BUNDLED WITH
   2.1.4
